GEM
  remote: http://rubygems.org/
  specs:
    addressable (2.2.1)
    crack (0.1.8)
    mime-types (1.16)
    rest-client (1.6.1)
      mime-types (>= 1.16)
    rspec (1.3.0)
    webmock (1.3.5)
      addressable (>= 2.1.1)
      crack (>= 0.1.7)
    yajl-ruby (0.7.7)

PLATFORMS
  ruby

DEPENDENCIES
  rest-client (~> 1.6.1)
  rspec (~> 1.3.0)
  webmock (~> 1.3.5)
  yajl-ruby (~> 0.7.7)
